PATH
  remote: .
  specs:
    dataport (0.0.1)
      sqlite3

GEM
  remote: https://rubygems.org/
  specs:
    sqlite3 (1.3.12)

PLATFORMS
  ruby

DEPENDENCIES
  dataport!

BUNDLED WITH
   1.13.6
